GEM
  remote: https://rubygems.org/
  specs:
    ZenTest (4.11.0)
    after_do (0.3.1)
    autotest (4.4.6)
      ZenTest (>= 4.4.1)
    builder (3.2.2)
    codeclimate-test-reporter (0.4.3)
      simplecov (>= 0.7.1, < 1.0.0)
    coderay (1.1.0)
    cucumber (1.3.17)
      builder (>= 2.1.2)
      diff-lcs (>= 1.1.3)
      gherkin (~> 2.12)
      multi_json (>= 1.7.5, < 2.0)
      multi_test (>= 0.1.1)
    diff-lcs (1.2.5)
    docile (1.1.5)
    ffi (1.9.6-java)
    furoshiki (0.2.0)
      plist
      rubyzip (>= 1.0.0)
      warbler (~> 1.4.4)
    gherkin (2.12.2)
      multi_json (~> 1.3)
    gherkin (2.12.2-java)
      multi_json (~> 1.3)
    jruby-jars (1.7.17)
    jruby-rack (1.1.16)
    method_source (0.8.2)
    mini_portile (0.6.1)
    multi_json (1.10.1)
    multi_test (0.1.1)
    nokogiri (1.6.5)
      mini_portile (~> 0.6.0)
    nokogiri (1.6.5-java)
    plist (3.1.0)
    pry (0.10.1)
      coderay (~> 1.1.0)
      method_source (~> 0.8.1)
      slop (~> 3.4)
    pry (0.10.1-java)
      coderay (~> 1.1.0)
      method_source (~> 0.8.1)
      slop (~> 3.4)
      spoon (~> 0.0)
    rake (10.4.2)
    rspec (3.1.0)
      rspec-core (~> 3.1.0)
      rspec-expectations (~> 3.1.0)
      rspec-mocks (~> 3.1.0)
    rspec-core (3.1.7)
      rspec-support (~> 3.1.0)
    rspec-expectations (3.1.2)
      diff-lcs (>= 1.2.0, < 2.0)
      rspec-support (~> 3.1.0)
    rspec-mocks (3.1.3)
      rspec-support (~> 3.1.0)
    rspec-support (3.1.2)
    rubyzip (1.1.6)
    shoes (4.0.0.pre2)
      furoshiki (>= 0.1.2)
      nokogiri
      shoes-dsl (= 4.0.0.pre2)
      shoes-swt (= 4.0.0.pre2)
    shoes-dsl (4.0.0.pre2)
    shoes-swt (4.0.0.pre2)
      after_do (~> 0.3)
      furoshiki (~> 0.2.0)
      shoes-dsl (= 4.0.0.pre2)
      swt (~> 4.4)
    simplecov (0.9.1)
      docile (~> 1.1.0)
      multi_json (~> 1.0)
      simplecov-html (~> 0.8.0)
    simplecov-html (0.8.0)
    slop (3.6.0)
    spoon (0.0.4)
      ffi
    swt (4.4)
    warbler (1.4.4)
      jruby-jars (>= 1.5.6, < 2.0)
      jruby-rack (>= 1.0.0)
      rake (>= 0.9.6)
      rubyzip (>= 0.9, < 1.2)
    watchr (0.7)

PLATFORMS
  java
  ruby

DEPENDENCIES
  autotest
  codeclimate-test-reporter
  cucumber
  pry
  rake
  rspec
  shoes (~> 4.0.0.pre2)
  simplecov
  watchr
